PATH
  remote: .
  specs:
    youtube_url_parser (1.0.1)
      rack (>= 2.0, < 4.0)
      uri (>= 0.10)

GEM
  remote: https://rubygems.org/
  specs:
    diff-lcs (1.5.0)
    minitest (5.17.0)
    rack (3.0.14)
    rake (13.0.6)
    rspec (3.12.0)
      rspec-core (~> 3.12.0)
      rspec-expectations (~> 3.12.0)
      rspec-mocks (~> 3.12.0)
    rspec-core (3.12.0)
      rspec-support (~> 3.12.0)
    rspec-expectations (3.12.2)
      diff-lcs (>= 1.2.0, < 2.0)
      rspec-support (~> 3.12.0)
    rspec-mocks (3.12.3)
      diff-lcs (>= 1.2.0, < 2.0)
      rspec-support (~> 3.12.0)
    rspec-support (3.12.0)
    uri (0.12.2)

PLATFORMS
  ruby

DEPENDENCIES
  bundler (>= 2.0)
  minitest
  rake
  rspec (~> 3.11)
  youtube_url_parser!

BUNDLED WITH
   2.2.22
